GIT
  remote: https://github.com/clearsightstudio/ProMotion.git
  revision: ae80748f9bde5e388b8f6c52c9cf3cf50eeb26e7
  branch: master
  specs:
    ProMotion (2.0.1)
      methadone (~> 1.7)

PATH
  remote: .
  specs:
    ProMotion-map (0.3.0)
      ProMotion (~> 2.0)

GEM
  remote: https://rubygems.org/
  specs:
    methadone (1.7.0)
      bundler
    motion-redgreen (0.1.0)
    motion-stump (0.3.2)
    rake (10.3.2)

PLATFORMS
  ruby

DEPENDENCIES
  ProMotion!
  ProMotion-map!
  motion-redgreen (~> 0.1)
  motion-stump (~> 0.3)
  rake
