GIT
  remote: https://github.com/clearsightstudio/ProMotion.git
  revision: e3caf0d260bee84373526f8cbd670e9e8f5cd6df
  branch: master
  specs:
    ProMotion (2.0.0.rc4)
      methadone (~> 1.4)

PATH
  remote: .
  specs:
    ProMotion-map (0.2.0)
      ProMotion (~> 2.0.0.rc4)

GEM
  remote: https://rubygems.org/
  specs:
    methadone (1.4.0)
      bundler
    motion-redgreen (0.1.0)
    motion-stump (0.3.2)
    rake (10.3.2)

PLATFORMS
  ruby

DEPENDENCIES
  ProMotion!
  ProMotion-map!
  motion-redgreen (~> 0.1)
  motion-stump (~> 0.3)
  rake
