PATH
  remote: .
  specs:
    ProMotion-map (0.7.0)
      ProMotion (~> 2.0)

GEM
  remote: https://rubygems.org/
  specs:
    ProMotion (2.4.2)
      methadone (~> 1.7)
      motion_print (~> 1.0)
    methadone (1.9.1)
      bundler
    motion-redgreen (0.1.0)
    motion-stump (0.3.2)
    motion_print (1.2.0)
    rake (10.4.2)

PLATFORMS
  ruby

DEPENDENCIES
  ProMotion-map!
  motion-redgreen (~> 0.1)
  motion-stump (~> 0.3)
  rake

BUNDLED WITH
   1.10.4
